GEM
  remote: https://rubygems.org/
  specs:
    date (3.3.3)
    json (2.6.3)
    multi_json (1.15.0)
    mustermann (3.0.0)
      ruby2_keywords (~> 0.0.1)
    net-http (0.3.2)
      uri
    nio4r (2.5.8)
    pg (1.4.6)
    puma (6.1.1)
      nio4r (~> 2.0)
    puma-daemon (0.3.0)
      puma (>= 5.0)
      rack
    rack (2.2.6.4)
    rack-protection (3.0.5)
      rack
    ruby2_keywords (0.0.5)
    sequel (5.66.0)
    sinatra (3.0.5)
      mustermann (~> 3.0)
      rack (~> 2.2, >= 2.2.4)
      rack-protection (= 3.0.5)
      tilt (~> 2.0)
    sinatra-contrib (3.0.5)
      multi_json
      mustermann (~> 3.0)
      rack-protection (= 3.0.5)
      sinatra (= 3.0.5)
      tilt (~> 2.0)
    sinatra-reloader (1.0)
      sinatra-contrib
    tilt (2.1.0)
    time (0.2.1)
      date
    uri (0.12.0)

PLATFORMS
  ruby

DEPENDENCIES
  json
  net-http
  pg
  puma
  puma-daemon
  rack-protection
  sequel
  sinatra
  sinatra-reloader
  time
  uri

BUNDLED WITH
   2.1.4
